GIT
  remote: git://github.com/jeffwilliams/quartz-torrent.git
  revision: f9c8b9da083b775c66112adbbf8554391d49de55
  specs:
    quartz_torrent (0.2.1.pre)
      base32 (~> 0.2)
      bencode (~> 0.8)
      log4r (~> 1.1)
      pqueue (~> 2.0)

PATH
  remote: ../
  specs:
    quartz_flow (0.0.5.pre)
      data_mapper (~> 1.2)
      dm-sqlite-adapter (~> 1.2)
      dm-types (~> 1.2)
      haml (~> 4.0)
      quartz_torrent (~> 0.2)
      sinatra (~> 1.4)

GEM
  remote: https://rubygems.org/
  specs:
    addressable (2.3.8)
    base32 (0.3.2)
    bcrypt (3.1.10)
    bcrypt-ruby (3.1.5)
      bcrypt (>= 3.1.3)
    bencode (0.8.2)
    data_mapper (1.2.0)
      dm-aggregates (~> 1.2.0)
      dm-constraints (~> 1.2.0)
      dm-core (~> 1.2.0)
      dm-migrations (~> 1.2.0)
      dm-serializer (~> 1.2.0)
      dm-timestamps (~> 1.2.0)
      dm-transactions (~> 1.2.0)
      dm-types (~> 1.2.0)
      dm-validations (~> 1.2.0)
    data_objects (0.10.15)
      addressable (~> 2.1)
    dm-aggregates (1.2.0)
      dm-core (~> 1.2.0)
    dm-constraints (1.2.0)
      dm-core (~> 1.2.0)
    dm-core (1.2.1)
      addressable (~> 2.3)
    dm-do-adapter (1.2.0)
      data_objects (~> 0.10.6)
      dm-core (~> 1.2.0)
    dm-migrations (1.2.0)
      dm-core (~> 1.2.0)
    dm-serializer (1.2.2)
      dm-core (~> 1.2.0)
      fastercsv (~> 1.5)
      json (~> 1.6)
      json_pure (~> 1.6)
      multi_json (~> 1.0)
    dm-sqlite-adapter (1.2.0)
      dm-do-adapter (~> 1.2.0)
      do_sqlite3 (~> 0.10.6)
    dm-timestamps (1.2.0)
      dm-core (~> 1.2.0)
    dm-transactions (1.2.0)
      dm-core (~> 1.2.0)
    dm-types (1.2.2)
      bcrypt-ruby (~> 3.0)
      dm-core (~> 1.2.0)
      fastercsv (~> 1.5)
      json (~> 1.6)
      multi_json (~> 1.0)
      stringex (~> 1.4)
      uuidtools (~> 2.1)
    dm-validations (1.2.0)
      dm-core (~> 1.2.0)
    do_sqlite3 (0.10.15)
      data_objects (= 0.10.15)
    fastercsv (1.5.5)
    haml (4.0.6)
      tilt
    json (1.8.2)
    json_pure (1.8.2)
    log4r (1.1.10)
    multi_json (1.11.0)
    pqueue (2.1.0)
    rack (1.6.1)
    rack-protection (1.5.3)
      rack
    sinatra (1.4.6)
      rack (~> 1.4)
      rack-protection (~> 1.4)
      tilt (>= 1.3, < 3)
    stringex (1.5.1)
    tilt (2.0.1)
    uuidtools (2.1.5)

PLATFORMS
  ruby

DEPENDENCIES
  quartz_flow!
  quartz_torrent!
